PATH
  remote: .
  specs:
    SurepGem3 (0.2)

GEM
  remote: https://rubygems.org/
  specs:
    power_assert (2.0.3)
    test-unit (3.5.7)
      power_assert

PLATFORMS
  x64-mingw-ucrt

DEPENDENCIES
  SurepGem3!
  test-unit

BUNDLED WITH
   2.4.19
