PATH
  remote: .
  specs:
    SurepGem3 (0.1)

GEM
  remote: https://rubygems.org/
  specs:

PLATFORMS
  x64-mingw-ucrt

DEPENDENCIES
  SurepGem3!

BUNDLED WITH
   2.4.19
